GEM
  remote: https://rubygems.org/
  specs:
    CFPropertyList (2.2.8)
    builder (3.2.2)
    facter (2.4.6)
      CFPropertyList (~> 2.2.6)
    hiera (1.3.4)
      json_pure
    json_pure (1.8.3)
    parallel (1.8.0)
    puppet (3.8.7)
      facter (> 1.6, < 3)
      hiera (~> 1.0)
      json_pure
    puppet-catalog-test (0.4.2)
      builder
      parallel
      puppet
    rake (10.4.2)

PLATFORMS
  ruby

DEPENDENCIES
  puppet (~> 3.8.2)
  puppet-catalog-test
  rake
